GEM
  remote: https://rubygems.org/
  specs:
    colorize (0.8.1)
    fasterer (0.10.1)
      colorize (~> 0.7)
      ruby_parser (>= 3.19.1)
    ruby_parser (3.20.1)
      sexp_processor (~> 4.16)
    sexp_processor (4.17.0)

PLATFORMS
  x86_64-darwin-20
  x86_64-linux

DEPENDENCIES
  fasterer

BUNDLED WITH
   2.2.32
